GEM
  remote: https://rubygems.org/
  specs:
    activesupport (4.0.2)
      i18n (~> 0.6, >= 0.6.4)
      minitest (~> 4.2)
      multi_json (~> 1.3)
      thread_safe (~> 0.1)
      tzinfo (~> 0.3.37)
    atomic (1.1.14)
    axiom-types (0.0.5)
      descendants_tracker (~> 0.0.1)
      ice_nine (~> 0.9)
    bcrypt-ruby (3.1.2)
    bindata (1.8.2)
    coercible (1.0.0)
      descendants_tracker (~> 0.0.1)
    descendants_tracker (0.0.3)
    equalizer (0.0.9)
    factory_girl (4.4.0)
      activesupport (>= 3.0.0)
    i18n (0.6.9)
    ice_nine (0.11.0)
    minitest (4.7.5)
    multi_json (1.8.4)
    orientdb-binary (0.6.0)
      bindata (~> 1.8)
    rack (1.5.2)
    rack-flash3 (1.0.5)
      rack
    rack-protection (1.5.2)
      rack
    rack-test (0.6.2)
      rack (>= 1.0)
    racksh (1.0.0)
      rack (>= 1.0)
      rack-test (>= 0.5)
    sinatra (1.4.4)
      rack (~> 1.4)
      rack-protection (~> 1.4)
      tilt (~> 1.3, >= 1.3.4)
    thread_safe (0.1.3)
      atomic
    tilt (1.4.1)
    tzinfo (0.3.38)
    veto (1.0.1)
    virtus (1.0.1)
      axiom-types (~> 0.0.5)
      coercible (~> 1.0)
      descendants_tracker (~> 0.0.1)
      equalizer (~> 0.0.7)
    warden (1.2.3)
      rack (>= 1.0)

PLATFORMS
  ruby

DEPENDENCIES
  bcrypt-ruby
  factory_girl
  orientdb-binary
  rack-flash3
  rack-test
  racksh
  sinatra
  veto
  virtus
  warden
